GEM
  remote: https://rubygems.org/
  specs:
    faraday (1.3.0)
      faraday-net_http (~> 1.0)
      multipart-post (>= 1.2, < 3)
      ruby2_keywords
    faraday-net_http (1.0.1)
    multipart-post (2.1.1)
    mustermann (1.0.3)
    rack (2.1.4)
    rack-protection (2.0.7)
      rack
    ruby2_keywords (0.0.4)
    sinatra (2.0.7)
      mustermann (~> 1.0)
      rack (~> 2.0)
      rack-protection (= 2.0.7)
      tilt (~> 2.0)
    tilt (2.0.10)

PLATFORMS
  ruby

DEPENDENCIES
  faraday
  rack
  sinatra
 

BUNDLED WITH
   1.17.2
